GEM
  remote: https://rubygems.org/
  specs:
    pg (1.2.3)

PLATFORMS
  x86_64-linux

DEPENDENCIES
  pg

RUBY VERSION
   ruby 3.0.1p64

BUNDLED WITH
   2.2.15
